PATH
  remote: .
  specs:
    beanstream (2.1.1)
      json (~> 2.6.3)
      rest-client (~> 2.0)

GEM
  remote: https://rubygems.org/
  specs:
    ast (2.4.3)
    diff-lcs (1.3)
    domain_name (0.5.20180417)
      unf (>= 0.0.5, < 1.0.0)
    http-cookie (1.0.3)
      domain_name (~> 0.5)
    json (2.6.3)
    language_server-protocol (3.17.0.5)
    mime-types (3.2.2)
      mime-types-data (~> 3.2015)
    mime-types-data (3.2018.0812)
    netrc (0.11.0)
    parallel (1.13.0)
    parser (3.3.8.0)
      ast (~> 2.4.1)
      racc
    prism (1.4.0)
    racc (1.8.1)
    rainbow (3.0.0)
    regexp_parser (2.10.0)
    rest-client (2.0.2)
      http-cookie (>= 1.0.2, < 2.0)
      mime-types (>= 1.16, < 4.0)
      netrc (~> 0.8)
    rexml (3.4.1)
    rspec (3.12.0)
      rspec-core (~> 3.12.0)
      rspec-expectations (~> 3.12.0)
      rspec-mocks (~> 3.12.0)
    rspec-core (3.12.3)
      rspec-support (~> 3.12.0)
    rspec-expectations (3.12.4)
      diff-lcs (>= 1.2.0, < 2.0)
      rspec-support (~> 3.12.0)
    rspec-mocks (3.12.7)
      diff-lcs (>= 1.2.0, < 2.0)
      rspec-support (~> 3.12.0)
    rspec-support (3.12.2)
    rubocop (1.60.2)
      json (~> 2.3)
      language_server-protocol (>= 3.17.0)
      parallel (~> 1.10)
      parser (>= 3.3.0.2)
      rainbow (>= 2.2.2, < 4.0)
      regexp_parser (>= 1.8, < 3.0)
      rexml (>= 3.2.5, < 4.0)
      rubocop-ast (>= 1.30.0, < 2.0)
      ruby-progressbar (~> 1.7)
      unicode-display_width (>= 2.4.0, < 3.0)
    rubocop-ast (1.44.1)
      parser (>= 3.3.7.2)
      prism (~> 1.4)
    ruby-progressbar (1.10.0)
    unf (0.1.4)
      unf_ext
    unf_ext (0.0.7.5)
    unicode-display_width (2.6.0)

PLATFORMS
  ruby

DEPENDENCIES
  beanstream!
  rest-client (~> 2.0.0)
  rspec (~> 3.12.0)
  rubocop (~> 1.60.0)

BUNDLED WITH
   2.6.9
